GEM
  remote: https://rubygems.org/
  specs:
    easy_translate (0.5.0)
      json
      thread
      thread_safe
    json (1.8.2)
    oj (2.12.14)
    thread (0.2.2)
    thread_safe (0.3.5)

PLATFORMS
  ruby

DEPENDENCIES
  easy_translate
  json
  oj
